GEM
  remote: https://rubygems.org/
  specs:
    builder (3.2.2)
    daemons (1.1.9)
    dicechucker (0.8.0)
    eventmachine (1.0.3)
    faraday (0.9.0)
      multipart-post (>= 1.2, < 3)
    forecast_io (2.0.0)
      faraday
      hashie
      multi_json
    geocoder (1.2.5)
    google_directions (0.1.6.2)
      nokogiri (>= 1.4.1)
    hashie (3.2.0)
    hpricot (0.8.6)
    htmlentities (4.3.2)
    httparty (0.13.1)
      json (~> 1.8)
      multi_xml (>= 0.5.2)
    json (1.8.1)
    jwt (1.0.0)
    mini_portile (0.6.0)
    multi_json (1.10.1)
    multi_xml (0.5.5)
    multipart-post (2.0.0)
    nokogiri (1.6.3.1)
      mini_portile (= 0.6.0)
    rack (1.5.2)
    rack-protection (1.5.3)
      rack
    sinatra (1.4.5)
      rack (~> 1.4)
      rack-protection (~> 1.4)
      tilt (~> 1.3, >= 1.3.4)
    thin (1.6.2)
      daemons (>= 1.0.9)
      eventmachine (>= 1.0.0)
      rack (>= 1.0.0)
    tilt (1.4.1)
    twilio-ruby (3.11.6)
      builder (>= 2.1.2)
      jwt (>= 0.1.2)
      multi_json (>= 1.3.0)
    wikipedia-client (1.3.3)

PLATFORMS
  ruby

DEPENDENCIES
  dicechucker
  forecast_io
  geocoder
  google_directions
  hashie
  hpricot
  htmlentities
  httparty
  json (~> 1.8.1)
  nokogiri
  sinatra
  thin
  twilio-ruby
  wikipedia-client
